GEM
  remote: https://rubygems.org/
  specs:
    rack (1.6.4)
    webrick (1.8.1)

PLATFORMS
  arm64-darwin-22

DEPENDENCIES
  rack
  webrick

BUNDLED WITH
   2.4.15
